GEM
  remote: https://rubygems.org/
  specs:
    activesupport (3.2.16)
      i18n (~> 0.6, >= 0.6.4)
      multi_json (~> 1.0)
    addressable (2.3.5)
    akami (1.2.0)
      gyoku (>= 0.4.0)
      nokogiri (>= 1.4.0)
    builder (3.2.2)
    descendants_tracker (0.0.3)
    diff-lcs (1.1.3)
    docile (1.1.1)
    faraday (0.9.0)
      multipart-post (>= 1.2, < 3)
    git (1.2.6)
    github_api (0.11.1)
      addressable (~> 2.3)
      descendants_tracker (~> 0.0.1)
      faraday (~> 0.8, < 0.10)
      hashie (>= 1.2)
      multi_json (>= 1.7.5, < 2.0)
      nokogiri (~> 1.6.0)
      oauth2
    gyoku (1.1.1)
      builder (>= 2.1.2)
    hashie (2.0.5)
    highline (1.6.20)
    httpi (2.1.0)
      rack
      rubyntlm (~> 0.3.2)
    i18n (0.6.9)
    jeweler (2.0.0)
      builder
      bundler (>= 1.0)
      git (>= 1.2.5)
      github_api
      highline (>= 1.6.15)
      nokogiri (>= 1.5.10)
      rake
      rdoc
    json (1.8.1)
    jwt (0.1.11)
      multi_json (>= 1.5)
    mime-types (1.25.1)
    mini_portile (0.5.2)
    multi_json (1.8.4)
    multi_xml (0.5.5)
    multipart-post (2.0.0)
    nokogiri (1.6.1)
      mini_portile (~> 0.5.0)
    nori (2.3.0)
    oauth2 (0.9.3)
      faraday (>= 0.8, < 0.10)
      jwt (~> 0.1.8)
      multi_json (~> 1.3)
      multi_xml (~> 0.5)
      rack (~> 1.2)
    rack (1.5.2)
    rake (10.1.1)
    rdoc (3.12.2)
      json (~> 1.4)
    rspec (2.8.0)
      rspec-core (~> 2.8.0)
      rspec-expectations (~> 2.8.0)
      rspec-mocks (~> 2.8.0)
    rspec-core (2.8.0)
    rspec-expectations (2.8.0)
      diff-lcs (~> 1.1.2)
    rspec-mocks (2.8.0)
    rubyntlm (0.3.4)
    savon (2.3.3)
      akami (~> 1.2.0)
      builder (>= 2.1.2)
      gyoku (~> 1.1.0)
      httpi (~> 2.1.0)
      nokogiri (>= 1.4.0)
      nori (~> 2.3.0)
      wasabi (~> 3.2.2)
    simplecov (0.8.2)
      docile (~> 1.1.0)
      multi_json
      simplecov-html (~> 0.8.0)
    simplecov-html (0.8.0)
    wasabi (3.2.3)
      httpi (~> 2.0)
      mime-types (< 2.0.0)
      nokogiri (>= 1.4.0)

PLATFORMS
  ruby

DEPENDENCIES
  activesupport
  bundler (~> 1.0)
  jeweler (~> 2.0.0)
  rdoc (~> 3.12)
  rspec (~> 2.8.0)
  savon
  simplecov
